GIT
  remote: https://github.com/adiwg/mdJson-schemas.git
  revision: 0ced67aab4ab2054682289acd86e781e1900b2a0
  branch: bugfix/data-quality-evaluation-method
  specs:
    adiwg-mdjson_schemas (2.8.1)

PATH
  remote: .
  specs:
    adiwg-mdtranslator (2.18.5)
      adiwg-mdcodes (= 2.8.4)
      adiwg-mdjson_schemas (= 2.8.1)
      builder (~> 3.2)
      coderay (~> 1.1)
      jbuilder (~> 2.5)
      json (~> 2.0)
      json-schema (~> 2.7)
      kramdown (>= 1.13, < 3.0)
      nokogiri (~> 1.15)
      thor (~> 0.19)
      uuidtools (~> 2.1)

GEM
  remote: https://rubygems.org/
  specs:
    actionview (7.1.3)
      activesupport (= 7.1.3)
      builder (~> 3.1)
      erubi (~> 1.11)
      rails-dom-testing (~> 2.2)
      rails-html-sanitizer (~> 1.6)
    activesupport (7.1.3)
      base64
      bigdecimal
      concurrent-ruby (~> 1.0, >= 1.0.2)
      connection_pool (>= 2.2.5)
      drb
      i18n (>= 1.6, < 2)
      minitest (>= 5.1)
      mutex_m
      tzinfo (~> 2.0)
    addressable (2.8.6)
      public_suffix (>= 2.0.2, < 6.0)
    adiwg-mdcodes (2.8.4)
      json (~> 2.0)
    base64 (0.2.0)
    bigdecimal (3.1.6)
    builder (3.2.4)
    coderay (1.1.3)
    concurrent-ruby (1.2.3)
    connection_pool (2.4.1)
    crass (1.0.6)
    drb (2.2.0)
      ruby2_keywords
    erubi (1.12.0)
    i18n (1.14.1)
      concurrent-ruby (~> 1.0)
    jbuilder (2.11.5)
      actionview (>= 5.0.0)
      activesupport (>= 5.0.0)
    json (2.7.1)
    json-schema (2.8.1)
      addressable (>= 2.4)
    kramdown (2.4.0)
      rexml
    loofah (2.22.0)
      crass (~> 1.0.2)
      nokogiri (>= 1.12.0)
    minitest (5.21.2)
    mutex_m (0.2.0)
    nokogiri (1.15.5-x86_64-linux)
      racc (~> 1.4)
    public_suffix (5.0.4)
    racc (1.7.3)
    rails-dom-testing (2.2.0)
      activesupport (>= 5.0.0)
      minitest
      nokogiri (>= 1.6)
    rails-html-sanitizer (1.6.0)
      loofah (~> 2.21)
      nokogiri (~> 1.14)
    rake (13.1.0)
    rexml (3.2.6)
    ruby2_keywords (0.0.5)
    thor (0.20.3)
    tzinfo (2.0.6)
      concurrent-ruby (~> 1.0)
    uuidtools (2.2.0)

PLATFORMS
  x86_64-linux

DEPENDENCIES
  adiwg-mdjson_schemas!
  adiwg-mdtranslator!
  bundler (~> 2)
  minitest (~> 5)
  rake (~> 13)

BUNDLED WITH
   2.4.21
