PATH
  remote: .
  specs:
    adiwg-mdtranslator (2.19.1)
      adiwg-mdcodes (= 2.9.0)
      adiwg-mdjson_schemas (= 2.8.2)
      builder (~> 3.2)
      coderay (~> 1.1)
      jbuilder (~> 2.5)
      json (~> 2.0)
      json-schema (~> 2.7)
      kramdown (>= 1.13, < 3.0)
      nokogiri (~> 1.15)
      thor (~> 0.19)
      uuidtools (~> 2.1)

GEM
  remote: https://rubygems.org/
  specs:
    actionview (5.2.8.1)
      activesupport (= 5.2.8.1)
      builder (~> 3.1)
      erubi (~> 1.4)
      rails-dom-testing (~> 2.0)
      rails-html-sanitizer (~> 1.0, >= 1.0.3)
    activesupport (5.2.8.1)
      concurrent-ruby (~> 1.0, >= 1.0.2)
      i18n (>= 0.7, < 2)
      minitest (~> 5.1)
      tzinfo (~> 1.1)
    addressable (2.8.5)
      public_suffix (>= 2.0.2, < 6.0)
    adiwg-mdcodes (2.9.0)
      json (~> 2.0)
    adiwg-mdjson_schemas (2.8.2)
    builder (3.2.4)
    coderay (1.1.3)
    concurrent-ruby (1.2.2)
    crass (1.0.6)
    erubi (1.12.0)
    i18n (1.14.1)
      concurrent-ruby (~> 1.0)
    jbuilder (2.11.5)
      actionview (>= 5.0.0)
      activesupport (>= 5.0.0)
    json (2.6.3)
    json-schema (2.8.1)
      addressable (>= 2.4)
    kramdown (2.4.0)
      rexml
    loofah (2.21.1)
      crass (~> 1.0.2)
      nokogiri (>= 1.5.9)
    minitest (5.20.0)
    nokogiri (1.15.5-arm64-darwin)
      racc (~> 1.4)
    nokogiri (1.15.5-x86_64-linux)
      racc (~> 1.4)
    public_suffix (4.0.7)
    racc (1.7.3)
    rails-dom-testing (2.1.1)
      activesupport (>= 5.0.0)
      minitest
      nokogiri (>= 1.6)
    rails-html-sanitizer (1.5.0)
      loofah (~> 2.19, >= 2.19.1)
    rake (13.1.0)
    rexml (3.2.5)
    thor (0.20.3)
    thread_safe (0.3.6)
    tzinfo (1.2.11)
      thread_safe (~> 0.1)
    uuidtools (2.2.0)

PLATFORMS
  arm64-darwin-22
  x86_64-linux

DEPENDENCIES
  adiwg-mdtranslator!
  bundler (~> 2)
  minitest (~> 5)
  rake (~> 13)

BUNDLED WITH
   2.4.21
